GEM
  remote: https://rubygems.org/
  specs:
    faraday (0.9.1)
      multipart-post (>= 1.2, < 3)
    multipart-post (2.0.0)
    pickup (0.0.11)
    simple-random (1.0.1)

PLATFORMS
  ruby

DEPENDENCIES
  faraday
  pickup
  simple-random

BUNDLED WITH
   1.10.6
